PATH
  remote: .
  specs:
    simplest_auth (0.2.10)
      bcrypt-ruby (>= 2.1.1)

GEM
  remote: http://rubygems.org/
  specs:
    activemodel (3.1.0)
      activesupport (= 3.1.0)
      bcrypt-ruby (~> 3.0.0)
      builder (~> 3.0.0)
      i18n (~> 0.6)
    activesupport (3.1.0)
      multi_json (~> 1.0)
    bcrypt-ruby (3.0.0)
    builder (3.0.0)
    i18n (0.6.0)
    metaclass (0.0.1)
    mocha (0.10.0)
      metaclass (~> 0.0.1)
    multi_json (1.0.3)
    shoulda (2.11.3)

PLATFORMS
  ruby

DEPENDENCIES
  activemodel
  mocha
  shoulda
  simplest_auth!
