PATH
  remote: .
  specs:
    simplest_auth (0.2.10)
      bcrypt-ruby (~> 2.1.1)

GEM
  remote: http://rubygems.org/
  specs:
    activemodel (3.0.5)
      activesupport (= 3.0.5)
      builder (~> 2.1.2)
      i18n (~> 0.4)
    activesupport (3.0.5)
    bcrypt-ruby (2.1.4)
    builder (2.1.2)
    i18n (0.5.0)
    mocha (0.9.12)
    shoulda (2.11.3)

PLATFORMS
  ruby

DEPENDENCIES
  activemodel
  mocha
  shoulda
  simplest_auth!
